GEM
  remote: https://rubygems.org/
  specs:
    activesupport (7.0.4.3)
      concurrent-ruby (~> 1.0, >= 1.0.2)
      i18n (>= 1.6, < 2)
      minitest (>= 5.1)
      tzinfo (~> 2.0)
    ast (2.4.0)
    ast_utils (0.3.0)
      parser (~> 2.4)
      thor (>= 0.19)
    coderay (1.1.2)
    concurrent-ruby (1.2.2)
    ffi (1.12.2)
    i18n (1.12.0)
      concurrent-ruby (~> 1.0)
    language_server-protocol (3.14.0.1)
    listen (3.2.1)
      rb-fsevent (~> 0.10, >= 0.10.3)
      rb-inotify (~> 0.9, >= 0.9.10)
    method_source (0.9.2)
    minitest (5.18.0)
    parser (2.7.0.4)
      ast (~> 2.4.0)
    pry (0.12.2)
      coderay (~> 1.1.0)
      method_source (~> 0.9.0)
    rainbow (3.0.0)
    rb-fsevent (0.10.3)
    rb-inotify (0.10.1)
      ffi (~> 1.0)
    steep (0.14.0)
      activesupport (>= 5.1)
      ast_utils (~> 0.3.0)
      language_server-protocol (~> 3.14.0.1)
      listen (~> 3.1)
      parser (~> 2.7.0)
      pry (~> 0.12.2)
      rainbow (>= 2.2.2, < 4.0)
    thor (1.0.1)
    tzinfo (2.0.6)
      concurrent-ruby (~> 1.0)

PLATFORMS
  ruby

DEPENDENCIES
  steep

BUNDLED WITH
   1.17.2
